GEM
  remote: https://rubygems.org/
  specs:
    ast (2.4.0)
    byebug (11.0.1)
    coderay (1.1.2)
    dotenv (2.7.5)
    foreman (0.86.0)
    jaro_winkler (1.5.3)
    method_source (0.9.2)
    mustermann (1.0.3)
    parallel (1.18.0)
    parser (2.6.5.0)
      ast (~> 2.4.0)
    pry (0.12.2)
      coderay (~> 1.1.0)
      method_source (~> 0.9.0)
    pry-byebug (3.7.0)
      byebug (~> 11.0)
      pry (~> 0.10)
    rack (2.0.7)
    rack-protection (2.0.7)
      rack
    rainbow (3.0.0)
    rubocop (0.75.0)
      jaro_winkler (~> 1.5.1)
      parallel (~> 1.10)
      parser (>= 2.6)
      rainbow (>= 2.2.2, < 4.0)
      ruby-progressbar (~> 1.7)
      unicode-display_width (>= 1.4.0, < 1.7)
    ruby-progressbar (1.10.1)
    sinatra (2.0.7)
      mustermann (~> 1.0)
      rack (~> 2.0)
      rack-protection (= 2.0.7)
      tilt (~> 2.0)
    tilt (2.0.10)
    unicode-display_width (1.6.0)

PLATFORMS
  ruby

DEPENDENCIES
  dotenv
  foreman
  pry-byebug
  rubocop
  sinatra

RUBY VERSION
   ruby 2.6.0p0

BUNDLED WITH
   1.17.2
